PATH
  remote: /Users/robertkenny/workspace/juggalo
  specs:
    juggalo (0.0.2)
      mustache

GEM
  remote: https://rubygems.org/
  specs:
    coderay (1.1.0)
    method_source (0.8.2)
    mustache (0.99.5)
    pry (0.9.12.6)
      coderay (~> 1.0)
      method_source (~> 0.8)
      slop (~> 3.4)
    rack (1.5.2)
    slop (3.5.0)

PLATFORMS
  ruby

DEPENDENCIES
  juggalo!
  pry
  rack
